GIT
  remote: https://github.com/Programatica/slither.git
  revision: c71f4f6f69932148b138baa2238eae5922309f63
  specs:
    slither (0.99.5)

GIT
  remote: https://github.com/owenscorning/FuelSDK-Ruby.git
  revision: 15e51bbe8ab2f394bb85dd14edd20915be3c9d74
  branch: master
  specs:
    sfmc-fuelsdk-ruby (1.3.0)
      json (~> 1.8, >= 1.8.1)
      jwt (~> 1.0, >= 1.0.0)
      savon (~> 2.3)

GIT
  remote: https://github.com/owenscorning/owenscorning-web_common.git
  revision: 812f17250eabe68f1999d2a5d60b7ddbeaccbf97
  tag: v0.0.82
  specs:
    owenscorning-web_common (0.0.82)
      activeresource (>= 4.1.0)
      addressable (~> 2.4)
      airbrake (~> 10.0.5)
      airbrake-ruby (~> 4.15.0)
      httparty (>= 0.13.5, < 0.17)
      i18n (>= 0.6, < 2)
      omniauth (~> 1.6)
      omniauth-oauth2 (~> 1.3.1)
      rails (>= 4.2.1)

GIT
  remote: https://github.com/rweng/jquery-datatables-rails.git
  revision: d486b31b192a2924b1913e080ad23460e6b96d31
  branch: master
  specs:
    jquery-datatables-rails (3.4.0)
      actionpack (>= 3.1)
      jquery-rails
      railties (>= 3.1)
      sass-rails

GEM
  remote: https://rubygems.org/
  specs:
    actioncable (5.2.5)
      actionpack (= 5.2.5)
      nio4r (~> 2.0)
      websocket-driver (>= 0.6.1)
    actionmailer (5.2.5)
      actionpack (= 5.2.5)
      actionview (= 5.2.5)
      activejob (= 5.2.5)
      mail (~> 2.5, >= 2.5.4)
      rails-dom-testing (~> 2.0)
    actionpack (5.2.5)
      actionview (= 5.2.5)
      activesupport (= 5.2.5)
      rack (~> 2.0, >= 2.0.8)
      rack-test (>= 0.6.3)
      rails-dom-testing (~> 2.0)
      rails-html-sanitizer (~> 1.0, >= 1.0.2)
    actionpack-action_caching (1.2.1)
      actionpack (>= 4.0.0)
    actionview (5.2.5)
      activesupport (= 5.2.5)
      builder (~> 3.1)
      erubi (~> 1.4)
      rails-dom-testing (~> 2.0)
      rails-html-sanitizer (~> 1.0, >= 1.0.3)
    active_model_serializers (0.10.10)
      actionpack (>= 4.1, < 6.1)
      activemodel (>= 4.1, < 6.1)
      case_transform (>= 0.2)
      jsonapi-renderer (>= 0.1.1.beta1, < 0.3)
    activejob (5.2.5)
      activesupport (= 5.2.5)
      globalid (>= 0.3.6)
    activemodel (5.2.5)
      activesupport (= 5.2.5)
    activemodel-serializers-xml (1.0.2)
      activemodel (> 5.x)
      activesupport (> 5.x)
      builder (~> 3.1)
    activerecord (5.2.5)
      activemodel (= 5.2.5)
      activesupport (= 5.2.5)
      arel (>= 9.0)
    activerecord-import (1.0.7)
      activerecord (>= 3.2)
    activerecord-nulldb-adapter (0.4.0)
      activerecord (>= 2.0.0)
    activerecord-rescue_from_duplicate (0.1.3)
      activerecord (>= 5.2)
    activerecord-sqlserver-adapter (5.2.0)
      activerecord (~> 5.2.0)
      tiny_tds
    activeresource (5.1.1)
      activemodel (>= 5.0, < 7)
      activemodel-serializers-xml (~> 1.0)
      activesupport (>= 5.0, < 7)
    activestorage (5.2.5)
      actionpack (= 5.2.5)
      activerecord (= 5.2.5)
      marcel (~> 1.0.0)
    activesupport (5.2.5)
      concurrent-ruby (~> 1.0, >= 1.0.2)
      i18n (>= 0.7, < 2)
      minitest (~> 5.1)
      tzinfo (~> 1.1)
    addressable (2.7.0)
      public_suffix (>= 2.0.2, < 5.0)
    ahoy_email (1.1.0)
      actionmailer (>= 5)
      addressable (>= 2.3.2)
      nokogiri
      safely_block (>= 0.1.1)
    ahoy_matey (3.0.1)
      activesupport (>= 5)
      device_detector
      geocoder (>= 1.4.5)
      safely_block (>= 0.2.1)
    airbrake (10.0.5)
      airbrake-ruby (~> 4.13)
    airbrake-ruby (4.15.0)
      rbtree3 (~> 0.5)
    ajax-datatables-rails (1.1.0)
      railties (>= 4.2)
    akami (1.3.1)
      gyoku (>= 0.4.0)
      nokogiri
    arel (9.0.0)
    asset_sync (2.9.0)
      activemodel (>= 4.1.0)
      fog-core
      mime-types (>= 2.99)
      unf
    ast (2.4.0)
    atlassian-jwt (0.1.1)
      jwt (~> 1.5)
    attachment_on_the_fly (0.1.3)
      paperclip
    audited (4.9.0)
      activerecord (>= 4.2, < 6.1)
    autoprefixer-rails (9.7.6)
      execjs
    aws-eventstream (1.0.3)
    aws-sdk (2.7.16)
      aws-sdk-resources (= 2.7.16)
    aws-sdk-core (2.7.16)
      aws-sigv4 (~> 1.0)
      jmespath (~> 1.0)
    aws-sdk-resources (2.7.16)
      aws-sdk-core (= 2.7.16)
    aws-sigv4 (1.1.1)
      aws-eventstream (~> 1.0, >= 1.0.2)
    aws_cf_signer (0.1.3)
    babel-source (5.8.35)
    babel-transpiler (0.7.0)
      babel-source (>= 4.0, < 6)
      execjs (~> 2.0)
    bindex (0.8.1)
    blazer (2.2.1)
      activerecord (>= 5)
      chartkick (>= 3.2)
      railties (>= 5)
      safely_block (>= 0.1.1)
    bootstrap (4.4.1)
      autoprefixer-rails (>= 9.1.0)
      popper_js (>= 1.14.3, < 2)
      sassc-rails (>= 2.0.0)
    bootstrap-select-rails (1.13.8)
    browser-timezone-rails (1.1.0)
      js_cookie_rails
      rails (>= 3.1)
    builder (3.2.4)
    byebug (11.1.1)
    capybara (3.31.0)
      addressable
      mini_mime (>= 0.1.3)
      nokogiri (~> 1.8)
      rack (>= 1.6.0)
      rack-test (>= 0.6.3)
      regexp_parser (~> 1.5)
      xpath (~> 3.2)
    capybara-screenshot (1.0.24)
      capybara (>= 1.0, < 4)
      launchy
    case_transform (0.2)
      activesupport
    caxlsx (3.1.0)
      htmlentities (~> 4.3, >= 4.3.4)
      marcel (~> 1.0)
      nokogiri (~> 1.10, >= 1.10.4)
      rubyzip (>= 1.3.0, < 3)
    caxlsx_rails (0.6.2)
      actionpack (>= 3.1)
      caxlsx (>= 3.0)
    chartkick (3.3.1)
    childprocess (3.0.0)
    chronic (0.10.2)
    climate_control (0.2.0)
    cloudinary (1.13.2)
      aws_cf_signer
      rest-client
    cocaine (0.5.8)
      climate_control (>= 0.0.3, < 1.0)
    coderay (1.1.2)
    coffee-rails (5.0.0)
      coffee-script (>= 2.2.0)
      railties (>= 5.2.0)
    coffee-script (2.4.1)
      coffee-script-source
      execjs
    coffee-script-source (1.12.2)
    combine_pdf (1.0.16)
      ruby-rc4 (>= 0.1.5)
    concurrent-ruby (1.1.8)
    connection_pool (2.2.2)
    countries (3.0.1)
      i18n_data (~> 0.10.0)
      sixarm_ruby_unaccent (~> 1.1)
      unicode_utils (~> 1.4)
    crack (0.4.3)
      safe_yaml (~> 1.0.0)
    crass (1.0.6)
    daemons (1.3.1)
    dante (0.2.0)
    data_migrate (6.2.0)
      rails (>= 5.0)
    database_cleaner (1.8.2)
    debase (0.2.4.1)
      debase-ruby_core_source (>= 0.10.2)
    debase-ruby_core_source (0.10.9)
    deep_merge (1.2.1)
    delayed_job (4.1.8)
      activesupport (>= 3.0, < 6.1)
    delayed_job_active_record (4.1.4)
      activerecord (>= 3.0, < 6.1)
      delayed_job (>= 3.0, < 5)
    device_detector (1.0.3)
    did_you_mean (1.4.0)
    diff-lcs (1.3)
    docile (1.3.2)
    domain_name (0.5.20190701)
      unf (>= 0.0.5, < 1.0.0)
    dotenv (2.7.5)
    dotenv-rails (2.7.5)
      dotenv (= 2.7.5)
      railties (>= 3.2, < 6.1)
    double-bag-ftps (0.1.4)
    down (5.1.1)
      addressable (~> 2.5)
    errbase (0.2.0)
    erubi (1.10.0)
    ethon (0.12.0)
      ffi (>= 1.3.0)
    eventmachine (1.2.7)
    excon (0.72.0)
    execjs (2.7.0)
    factory_bot (5.1.1)
      activesupport (>= 4.2.0)
    factory_bot_rails (5.1.1)
      factory_bot (~> 5.1.0)
      railties (>= 4.2.0)
    faker (2.10.2)
      i18n (>= 1.6, < 2)
    faraday (1.0.0)
      multipart-post (>= 1.2, < 3)
    ffaker (2.13.0)
    ffi (1.12.2)
    flatpickr (4.5.7.0)
    fog-aws (3.5.2)
      fog-core (~> 2.1)
      fog-json (~> 1.1)
      fog-xml (~> 0.1)
      ipaddress (~> 0.8)
    fog-core (2.2.0)
      builder
      excon (~> 0.71)
      formatador (~> 0.2)
      mime-types
    fog-json (1.2.0)
      fog-core
      multi_json (~> 1.10)
    fog-xml (0.1.3)
      fog-core
      nokogiri (>= 1.5.11, < 2.0.0)
    font-awesome-sass (4.7.0)
      sass (>= 3.2)
    formatador (0.2.5)
    geocoder (1.6.1)
    globalid (0.4.2)
      activesupport (>= 4.2.0)
    google_search_results (2.0.1)
    graphiql-rails (1.7.0)
      railties
      sprockets-rails
    graphql (1.10.2)
    graphql-batch (0.4.2)
      graphql (>= 1.3, < 2)
      promise.rb (~> 0.7.2)
    graphql-errors (0.4.0)
      graphql (>= 1.6.0, < 2)
    graphql-guard (1.3.1)
      graphql (>= 1.6.0, < 2)
    guard (2.16.1)
      formatador (>= 0.2.4)
      listen (>= 2.7, < 4.0)
      lumberjack (>= 1.0.12, < 2.0)
      nenv (~> 0.1)
      notiffany (~> 0.0)
      pry (>= 0.9.12)
      shellany (~> 0.0)
      thor (>= 0.18.1)
    guard-compat (1.2.1)
    guard-minitest (2.4.6)
      guard-compat (~> 1.2)
      minitest (>= 3.0)
    guard-rspec (4.7.3)
      guard (~> 2.1)
      guard-compat (~> 1.1)
      rspec (>= 2.99.0, < 4.0)
    guard-spring (1.1.1)
      guard (~> 2.0)
      guard-compat (~> 1.1)
      spring
    gyoku (1.3.1)
      builder (>= 2.1.2)
    haml (5.1.2)
      temple (>= 0.8.0)
      tilt
    hashdiff (1.0.0)
    hashie (3.5.7)
    highline (2.0.3)
    hiredis (0.6.3)
    htmlentities (4.3.4)
    http-accept (1.7.0)
    http-cookie (1.0.3)
      domain_name (~> 0.5)
    httparty (0.16.4)
      mime-types (~> 3.0)
      multi_xml (>= 0.5.2)
    httpclient (2.8.3)
    httpi (2.4.5)
      rack
      socksify
    hubspot-ruby (0.9.0)
      activesupport (>= 3.0.0)
      httparty (>= 0.10.0)
    i18n (1.8.10)
      concurrent-ruby (~> 1.0)
    i18n_data (0.10.0)
    ipaddress (0.8.3)
    jaro_winkler (1.5.3)
    jbuilder (2.10.0)
      activesupport (>= 5.0.0)
    jira-ruby (1.7.1)
      activesupport
      atlassian-jwt
      multipart-post
      oauth (~> 0.5, >= 0.5.0)
    jmespath (1.4.0)
    jquery-rails (4.3.5)
      rails-dom-testing (>= 1, < 3)
      railties (>= 4.2.0)
      thor (>= 0.14, < 2.0)
    jquery-ui-rails (6.0.1)
      railties (>= 3.2.16)
    js_cookie_rails (2.2.0)
      railties (>= 3.1)
    json (1.8.6)
    json-schema (2.8.1)
      addressable (>= 2.4)
    jsonapi-renderer (0.2.2)
    jwt (1.5.6)
    kaminari (1.2.0)
      activesupport (>= 4.1.0)
      kaminari-actionview (= 1.2.0)
      kaminari-activerecord (= 1.2.0)
      kaminari-core (= 1.2.0)
    kaminari-actionview (1.2.0)
      actionview
      kaminari-core (= 1.2.0)
    kaminari-activerecord (1.2.0)
      activerecord
      kaminari-core (= 1.2.0)
    kaminari-core (1.2.0)
    launchy (2.5.0)
      addressable (~> 2.7)
    libv8 (7.3.492.27.1)
    listen (3.2.1)
      rb-fsevent (~> 0.10, >= 0.10.3)
      rb-inotify (~> 0.9, >= 0.9.10)
    loofah (2.9.1)
      crass (~> 1.0.2)
      nokogiri (>= 1.5.9)
    lumberjack (1.2.4)
    mail (2.7.1)
      mini_mime (>= 0.1.1)
    mailgun-ruby (1.1.10)
      rest-client (~> 2.0)
    marcel (1.0.1)
    method_source (0.9.2)
    mime-types (3.3.1)
      mime-types-data (~> 3.2015)
    mime-types-data (3.2019.1009)
    mimemagic (0.3.10)
      nokogiri (~> 1)
      rake
    mini_mime (1.1.0)
    mini_portile2 (2.5.1)
    mini_racer (0.2.8)
      libv8 (>= 6.9.411)
    minitest (5.14.4)
    monetize (1.9.4)
      money (~> 6.12)
    money (6.13.7)
      i18n (>= 0.6.4, <= 2)
    money-rails (1.13.3)
      activesupport (>= 3.0)
      monetize (~> 1.9.0)
      money (~> 6.13.2)
      railties (>= 3.0)
    multi_json (1.14.1)
    multi_xml (0.6.0)
    multipart-post (2.1.1)
    nenv (0.3.0)
    nested_form (0.3.2)
    net-scp (2.0.0)
      net-ssh (>= 2.6.5, < 6.0.0)
    net-ssh (5.2.0)
    netaddr (2.0.4)
    netrc (0.11.0)
    newrelic_rpm (6.8.0.360)
    nine_one_one (2.1.0)
    nio4r (2.5.7)
    nokogiri (1.11.3)
      mini_portile2 (~> 2.5.0)
      racc (~> 1.4)
    nori (2.6.0)
    notiffany (0.1.3)
      nenv (~> 0.1)
      shellany (~> 0.0)
    oauth (0.5.4)
    oauth2 (1.4.7)
      faraday (>= 0.8, < 2.0)
      jwt (>= 1.0, < 3.0)
      multi_json (~> 1.3)
      multi_xml (~> 0.5)
      rack (>= 1.2, < 3)
    oj (3.10.2)
    oj_mimic_json (1.0.1)
    omniauth (1.9.1)
      hashie (>= 3.4.6)
      rack (>= 1.6.2, < 3)
    omniauth-oauth2 (1.3.1)
      oauth2 (~> 1.0)
      omniauth (~> 1.2)
    options (2.3.2)
    paperclip (5.0.0)
      activemodel (>= 4.2.0)
      activesupport (>= 4.2.0)
      cocaine (~> 0.5.5)
      mime-types
      mimemagic (~> 0.3.0)
    parallel (1.18.0)
    parallel_tests (3.3.0)
      parallel
    parser (2.6.5.0)
      ast (~> 2.4.0)
    pg (1.2.2)
    polyamorous (2.3.0)
      activerecord (>= 5.0)
    popper_js (1.16.0)
    progress_bar (1.3.1)
      highline (>= 1.6, < 3)
      options (~> 2.3.0)
    promise.rb (0.7.4)
    pry (0.12.2)
      coderay (~> 1.1.0)
      method_source (~> 0.9.0)
    pry-byebug (3.8.0)
      byebug (~> 11.0)
      pry (~> 0.10)
    pry-rails (0.3.9)
      pry (>= 0.10.4)
    public_suffix (4.0.3)
    puma (5.2.2)
      nio4r (~> 2.0)
    racc (1.5.2)
    rack (2.2.3)
    rack-cors (1.1.1)
      rack (>= 2.0.0)
    rack-pjax (1.1.0)
      nokogiri (~> 1.5)
      rack (>= 1.1)
    rack-proxy (0.6.5)
      rack
    rack-test (1.1.0)
      rack (>= 1.0, < 3)
    rails (5.2.5)
      actioncable (= 5.2.5)
      actionmailer (= 5.2.5)
      actionpack (= 5.2.5)
      actionview (= 5.2.5)
      activejob (= 5.2.5)
      activemodel (= 5.2.5)
      activerecord (= 5.2.5)
      activestorage (= 5.2.5)
      activesupport (= 5.2.5)
      bundler (>= 1.3.0)
      railties (= 5.2.5)
      sprockets-rails (>= 2.0.0)
    rails-controller-testing (1.0.4)
      actionpack (>= 5.0.1.x)
      actionview (>= 5.0.1.x)
      activesupport (>= 5.0.1.x)
    rails-dom-testing (2.0.3)
      activesupport (>= 4.2.0)
      nokogiri (>= 1.6)
    rails-html-sanitizer (1.3.0)
      loofah (~> 2.3)
    rails-observers (0.1.5)
      activemodel (>= 4.0)
    rails_admin (2.0.1)
      activemodel-serializers-xml (>= 1.0)
      builder (~> 3.1)
      haml (>= 4.0, < 6)
      jquery-rails (>= 3.0, < 5)
      jquery-ui-rails (>= 5.0, < 7)
      kaminari (>= 0.14, < 2.0)
      nested_form (~> 0.3)
      rack-pjax (>= 0.7)
      rails (>= 5.0, < 7)
      remotipart (~> 1.3)
      sassc-rails (>= 1.3, < 3)
    railties (5.2.5)
      actionpack (= 5.2.5)
      activesupport (= 5.2.5)
      method_source
      rake (>= 0.8.7)
      thor (>= 0.19.0, < 2.0)
    rainbow (3.0.0)
    rake (13.0.3)
    ransack (2.3.0)
      actionpack (>= 5.0)
      activerecord (>= 5.0)
      activesupport (>= 5.0)
      i18n
      polyamorous (= 2.3.0)
    rb-fsevent (0.10.3)
    rb-inotify (0.10.1)
      ffi (~> 1.0)
    rbtree3 (0.6.0)
    rdoc (4.3.0)
    react-rails (2.6.1)
      babel-transpiler (>= 0.7.0)
      connection_pool
      execjs
      railties (>= 3.2)
      tilt
    record_tag_helper (1.0.1)
      actionview (>= 5)
    redis (4.2.1)
    regexp_parser (1.6.0)
    remotipart (1.4.4)
    rest-client (2.1.0)
      http-accept (>= 1.7.0, < 2.0)
      http-cookie (>= 1.0.2, < 2.0)
      mime-types (>= 1.16, < 4.0)
      netrc (~> 0.8)
    retriable (3.1.2)
    roo (2.8.3)
      nokogiri (~> 1)
      rubyzip (>= 1.3.0, < 3.0.0)
    roo-xls (1.2.0)
      nokogiri
      roo (>= 2.0.0, < 3)
      spreadsheet (> 0.9.0)
    rspec (3.9.0)
      rspec-core (~> 3.9.0)
      rspec-expectations (~> 3.9.0)
      rspec-mocks (~> 3.9.0)
    rspec-core (3.9.1)
      rspec-support (~> 3.9.1)
    rspec-expectations (3.9.0)
      diff-lcs (>= 1.2.0, < 2.0)
      rspec-support (~> 3.9.0)
    rspec-mocks (3.9.1)
      diff-lcs (>= 1.2.0, < 2.0)
      rspec-support (~> 3.9.0)
    rspec-rails (3.9.0)
      actionpack (>= 3.0)
      activesupport (>= 3.0)
      railties (>= 3.0)
      rspec-core (~> 3.9.0)
      rspec-expectations (~> 3.9.0)
      rspec-mocks (~> 3.9.0)
      rspec-support (~> 3.9.0)
    rspec-support (3.9.2)
    rspec_candy (0.5.1)
      rspec
      sneaky-save
    rspec_junit_formatter (0.4.1)
      rspec-core (>= 2, < 4, != 2.12.0)
    rubocop (0.76.0)
      jaro_winkler (~> 1.5.1)
      parallel (~> 1.10)
      parser (>= 2.6)
      rainbow (>= 2.2.2, < 4.0)
      ruby-progressbar (~> 1.7)
      unicode-display_width (>= 1.4.0, < 1.7)
    rubocop-git (0.1.3)
      rubocop (>= 0.24.1)
    ruby-debug-ide (0.7.0)
      rake (>= 0.8.1)
    ruby-ole (1.2.12.2)
    ruby-progressbar (1.10.1)
    ruby-rc4 (0.1.5)
    rubyntlm (0.6.2)
    rubyzip (2.3.0)
    safe_yaml (1.0.5)
    safely_block (0.3.0)
      errbase (>= 0.1.1)
    sass (3.7.4)
      sass-listen (~> 4.0.0)
    sass-listen (4.0.0)
      rb-fsevent (~> 0.9, >= 0.9.4)
      rb-inotify (~> 0.9, >= 0.9.7)
    sass-rails (6.0.0)
      sassc-rails (~> 2.1, >= 2.1.1)
    sassc (2.2.1)
      ffi (~> 1.9)
    sassc-rails (2.1.2)
      railties (>= 4.0.0)
      sassc (>= 2.0)
      sprockets (> 3.0)
      sprockets-rails
      tilt
    savon (2.12.1)
      akami (~> 1.2)
      builder (>= 2.1.2)
      gyoku (~> 1.2)
      httpi (~> 2.3)
      nokogiri (>= 1.8.1)
      nori (~> 2.4)
      wasabi (~> 3.4)
    sdoc (0.4.2)
      json (~> 1.7, >= 1.7.7)
      rdoc (~> 4.0)
    seed_dump (3.3.1)
      activerecord (>= 4)
      activesupport (>= 4)
    selenium-webdriver (3.142.7)
      childprocess (>= 0.5, < 4.0)
      rubyzip (>= 1.2.2)
    semantic_range (2.3.0)
    shellany (0.0.1)
    shoulda-callback-matchers (1.1.4)
      activesupport (>= 3)
    shoulda-matchers (4.2.0)
      activesupport (>= 4.2.0)
    simple_form (5.0.2)
      actionpack (>= 5.0)
      activemodel (>= 5.0)
    simplecov (0.18.2)
      docile (~> 1.1)
      simplecov-html (~> 0.11)
    simplecov-html (0.12.2)
    sixarm_ruby_unaccent (1.2.0)
    smartystreets_ruby_sdk (5.9.2)
    sneaky-save (0.1.3)
      activerecord (>= 3.2.0)
    socksify (1.7.1)
    spreadsheet (1.2.6)
      ruby-ole (>= 1.0)
    spring (2.1.0)
    spring-commands-rspec (1.0.4)
      spring (>= 0.9.1)
    sprockets (4.0.2)
      concurrent-ruby (~> 1.0)
      rack (> 1, < 3)
    sprockets-es6 (0.9.2)
      babel-source (>= 5.8.11)
      babel-transpiler
      sprockets (>= 3.0.0)
    sprockets-rails (3.2.2)
      actionpack (>= 4.0)
      activesupport (>= 4.0)
      sprockets (>= 3.0.0)
    sprockets-redirect (1.0.0)
      activesupport (>= 3.1.0)
      rack
    stripe (5.15.0)
    stripe-ruby-mock (3.0.1)
      dante (>= 0.2.0)
      multi_json (~> 1.0)
      stripe (> 5, < 6)
    temple (0.8.2)
    thin (1.7.2)
      daemons (~> 1.0, >= 1.0.9)
      eventmachine (~> 1.0, >= 1.0.4)
      rack (>= 1, < 3)
    thor (1.1.0)
    thread_safe (0.3.6)
    tilt (2.0.10)
    timecop (0.9.1)
    timeliness (0.4.4)
    tiny_tds (2.1.2)
    twitter-typeahead-rails (0.11.1)
      actionpack (>= 3.1)
      jquery-rails
      railties (>= 3.1)
    typhoeus (1.4.0)
      ethon (>= 0.9.0)
    tzinfo (1.2.9)
      thread_safe (~> 0.1)
    uglifier (4.2.0)
      execjs (>= 0.3.0, < 3)
    unf (0.1.4)
      unf_ext
    unf_ext (0.0.7.6)
    unicode-display_width (1.6.0)
    unicode_utils (1.4.0)
    validates_timeliness (4.1.1)
      timeliness (>= 0.3.10, < 1)
    vcr (5.1.0)
    wannabe_bool (0.7.1)
    wasabi (3.6.1)
      addressable
      httpi (~> 2.0)
      nokogiri (>= 1.4.2)
    web-console (3.7.0)
      actionview (>= 5.0)
      activemodel (>= 5.0)
      bindex (>= 0.4.0)
      railties (>= 5.0)
    webdrivers (4.2.0)
      nokogiri (~> 1.6)
      rubyzip (>= 1.3.0)
      selenium-webdriver (>= 3.0, < 4.0)
    webmock (3.8.2)
      addressable (>= 2.3.6)
      crack (>= 0.3.2)
      hashdiff (>= 0.4.0, < 2.0.0)
    webpacker (5.0.1)
      activesupport (>= 5.2)
      rack-proxy (>= 0.6.1)
      railties (>= 5.2)
      semantic_range (>= 2.3.0)
    websocket-driver (0.7.3)
      websocket-extensions (>= 0.1.0)
    websocket-extensions (0.1.5)
    whenever (1.0.0)
      chronic (>= 0.6.3)
    wicked_pdf (2.1.0)
      activesupport
    wisper (2.0.1)
    wisper-rspec (1.1.0)
    wkhtmltopdf-binary (0.12.6.5)
    workflow (2.0.2)
    workflow-activerecord (4.1.7)
      activerecord (>= 3.0, < 6.1)
      workflow (~> 2.0)
    xpath (3.2.0)
      nokogiri (~> 1.8)

PLATFORMS
  ruby

DEPENDENCIES
  actionpack-action_caching
  active_model_serializers
  activerecord-import (~> 1.0)
  activerecord-nulldb-adapter
  activerecord-rescue_from_duplicate
  activerecord-sqlserver-adapter
  addressable
  ahoy_email
  ahoy_matey
  airbrake (~> 10.0)
  ajax-datatables-rails
  asset_sync
  attachment_on_the_fly
  audited (~> 4.9)
  aws-sdk (~> 2.7.14)
  babel-transpiler
  blazer
  bootstrap (~> 4.4.1)
  bootstrap-select-rails (~> 1.13)
  browser-timezone-rails
  byebug
  capybara
  capybara-screenshot
  caxlsx
  caxlsx_rails
  chronic
  cloudinary
  coffee-rails
  combine_pdf (~> 1.0)
  countries
  daemons
  data_migrate
  database_cleaner
  debase
  deep_merge
  delayed_job
  delayed_job_active_record
  did_you_mean
  dotenv-rails
  double-bag-ftps
  down
  factory_bot_rails
  faker
  faraday
  ffaker
  flatpickr
  fog-aws
  font-awesome-sass (~> 4.7.0)
  geocoder
  google_search_results
  graphiql-rails
  graphql
  graphql-batch
  graphql-errors
  graphql-guard
  guard-minitest
  guard-rspec
  guard-spring
  hashdiff
  hashie (< 3.6.0)
  hiredis
  htmlentities
  httparty (< 0.17)
  httpclient (~> 2.8, >= 2.8.3)
  hubspot-ruby
  jbuilder
  jira-ruby
  jquery-datatables-rails!
  jquery-rails
  json-schema
  kaminari
  libv8
  mailgun-ruby
  mini_racer (= 0.2.8)
  money-rails
  multipart-post
  net-scp
  netaddr
  newrelic_rpm
  nine_one_one
  nokogiri
  oj
  oj_mimic_json
  owenscorning-web_common!
  paperclip (~> 5.0.0)
  parallel_tests
  pg
  progress_bar
  pry-byebug
  pry-rails
  puma
  rack-cors
  rails (~> 5.2)
  rails-controller-testing
  rails-observers
  rails_admin
  ransack
  react-rails
  record_tag_helper (~> 1.0)
  redis
  rest-client
  retriable
  roo
  roo-xls
  rspec
  rspec-rails
  rspec_candy
  rspec_junit_formatter
  rubocop
  rubocop-git
  ruby-debug-ide
  rubyntlm
  rubyzip
  sass-rails
  savon (>= 2.11)
  sdoc (~> 0.4.0)
  seed_dump
  sfmc-fuelsdk-ruby (= 1.3.0)!
  shoulda-callback-matchers
  shoulda-matchers
  simple_form
  simplecov
  slither!
  smartystreets_ruby_sdk
  spring
  spring-commands-rspec
  sprockets
  sprockets-es6
  sprockets-redirect
  stripe
  stripe-ruby-mock (~> 3.0.1)
  thin
  timecop
  tiny_tds
  twitter-typeahead-rails
  typhoeus (~> 1.4)
  uglifier
  validates_timeliness
  vcr
  wannabe_bool
  web-console
  webdrivers
  webmock
  webpacker (~> 5.x)
  whenever
  wicked_pdf
  wisper
  wisper-rspec
  wkhtmltopdf-binary
  workflow
  workflow-activerecord (>= 4.1, < 6.0)

RUBY VERSION
   ruby 2.6.3p62

BUNDLED WITH
   2.2.29
